GEM
  remote: https://rubygems.org/
  specs:
    closure-compiler (1.1.8)
    execjs (2.0.2)
    json (1.8.1)
    uglifier (2.4.0)
      execjs (>= 0.3.0)
      json (>= 1.8.0)

PLATFORMS
  ruby

DEPENDENCIES
  closure-compiler (= 1.1.8)
  uglifier (= 2.4.0)
